GEM
  remote: http://rubygems.org/
  specs:
    backports (2.3.0)
    chunky_png (1.2.5)
    compass (0.11.6)
      chunky_png (~> 1.2)
      fssm (>= 0.2.7)
      sass (~> 3.1)
    eventmachine (0.12.10)
    fssm (0.2.7)
    grid-coordinates (1.1.9)
      compass (>= 0.11.5)
    rack (1.4.0)
    rack-coffee (0.9.1)
      rack
    rack-protection (1.1.4)
      rack
    rack-test (0.6.1)
      rack (>= 1.0)
    rake (0.9.2.2)
    sass (3.1.12)
    shotgun (0.9)
      rack (>= 1.0)
    sinatra (1.3.1)
      rack (~> 1.3, >= 1.3.4)
      rack-protection (~> 1.1, >= 1.1.2)
      tilt (~> 1.3, >= 1.3.3)
    sinatra-contrib (1.3.1)
      backports (>= 2.0)
      eventmachine
      rack-protection
      rack-test
      sinatra (~> 1.3.0)
      tilt (~> 1.3)
    slim (1.0.4)
      temple (~> 0.3.4)
      tilt (~> 1.3.2)
    temple (0.3.4)
    tilt (1.3.3)

PLATFORMS
  ruby

DEPENDENCIES
  compass (~> 0.11.6)
  grid-coordinates (~> 1.1.4)
  rack (~> 1.4)
  rack-coffee
  rake
  sass (~> 3)
  shotgun (~> 0.9)
  sinatra (~> 1.3)
  sinatra-contrib (~> 1.3)
  slim (~> 1.0)
